GEM
  remote: https://rubygems.org/
  specs:
    bson (1.12.1)
    bson_ext (1.12.1)
      bson (~> 1.12.1)
    diff-lcs (1.3)
    mongo (1.12.1)
      bson (= 1.12.1)
    mysql2 (0.4.6)
    rspec (3.6.0)
      rspec-core (~> 3.6.0)
      rspec-expectations (~> 3.6.0)
      rspec-mocks (~> 3.6.0)
    rspec-core (3.6.0)
      rspec-support (~> 3.6.0)
    rspec-expectations (3.6.0)
      diff-lcs (>= 1.2.0, < 2.0)
      rspec-support (~> 3.6.0)
    rspec-mocks (3.6.0)
      diff-lcs (>= 1.2.0, < 2.0)
      rspec-support (~> 3.6.0)
    rspec-support (3.6.0)

PLATFORMS
  ruby

DEPENDENCIES
  bson_ext
  mongo (= 1.12.1)
  mysql2
  rspec

BUNDLED WITH
   1.11.2
